GEM
  remote: http://rubygems.org/
  specs:
    rake (0.8.7)
    rspec (1.1.11)

PLATFORMS
  java

DEPENDENCIES
  rake (= 0.8.7)
  rspec (= 1.1.11)
